GEM
  remote: https://gems.ruby-china.org/
  specs:
    faker (1.7.2)
      i18n (~> 0.5)
    i18n (0.7.0)

PLATFORMS
  ruby

DEPENDENCIES
  faker

BUNDLED WITH
   1.12.5
